PATH
  remote: .
  specs:
    markov-rb (0.1.8)
      oj (~> 2.16)
      ruby-progressbar (~> 1.8)
      sinatra (~> 1.4)
      thin (~> 1.5)
      thor (~> 0.19)

GEM
  remote: https://rubygems.org/
  specs:
    builder (3.2.2)
    codeclimate-test-reporter (0.6.0)
      simplecov (>= 0.7.1, < 1.0.0)
    coderay (1.1.1)
    cucumber (0.10.7)
      builder (>= 2.1.2)
      diff-lcs (>= 1.1.2)
      gherkin (~> 2.4.0)
      json (>= 1.4.6)
      term-ansicolor (>= 1.0.5)
    daemons (1.2.3)
    diff-lcs (1.2.5)
    docile (1.1.5)
    eventmachine (1.2.0.1)
    ffi (1.9.13)
    gherkin (2.4.21)
      json (>= 1.4.6)
    json (2.0.1)
    kramdown (1.11.1)
    listen (3.1.5)
      rb-fsevent (~> 0.9, >= 0.9.4)
      rb-inotify (~> 0.9, >= 0.9.7)
      ruby_dep (~> 1.2)
    method_source (0.8.2)
    oj (2.17.1)
    pry (0.10.4)
      coderay (~> 1.1.0)
      method_source (~> 0.8.1)
      slop (~> 3.4)
    rack (1.6.4)
    rack-protection (1.5.3)
      rack
    rake (10.5.0)
    rb-fsevent (0.9.7)
    rb-inotify (0.9.7)
      ffi (>= 0.5.0)
    rerun (0.11.0)
      listen (~> 3.0)
    rspec (3.5.0)
      rspec-core (~> 3.5.0)
      rspec-expectations (~> 3.5.0)
      rspec-mocks (~> 3.5.0)
    rspec-core (3.5.1)
      rspec-support (~> 3.5.0)
    rspec-expectations (3.5.0)
      diff-lcs (>= 1.2.0, < 2.0)
      rspec-support (~> 3.5.0)
    rspec-mocks (3.5.0)
      diff-lcs (>= 1.2.0, < 2.0)
      rspec-support (~> 3.5.0)
    rspec-support (3.5.0)
    ruby-progressbar (1.8.1)
    ruby_dep (1.3.1)
    rubygems-tasks (0.2.4)
    simplecov (0.12.0)
      docile (~> 1.1.0)
      json (>= 1.8, < 3)
      simplecov-html (~> 0.10.0)
    simplecov-html (0.10.0)
    sinatra (1.4.7)
      rack (~> 1.5)
      rack-protection (~> 1.4)
      tilt (>= 1.3, < 3)
    slop (3.6.0)
    term-ansicolor (1.3.2)
      tins (~> 1.0)
    thin (1.7.0)
      daemons (~> 1.0, >= 1.0.9)
      eventmachine (~> 1.0, >= 1.0.4)
      rack (>= 1, < 3)
    thor (0.19.1)
    tilt (2.0.5)
    tins (1.10.2)
    yard (0.9.0)

PLATFORMS
  ruby

DEPENDENCIES
  bundler (~> 1.10)
  codeclimate-test-reporter (~> 0.1)
  cucumber (~> 0.10.2)
  kramdown
  markov-rb!
  oj
  pry
  rake (~> 10.0)
  rerun
  rspec (~> 3.0)
  ruby-progressbar
  rubygems-tasks (~> 0.2)
  sinatra
  thin
  thor
  yard (~> 0.8)

RUBY VERSION
   ruby 2.3.0p0

BUNDLED WITH
   1.12.5
